GEM
  remote: https://rubygems.org/
  specs:
    ffi (1.9.18)

PLATFORMS
  ruby

DEPENDENCIES
  ffi

BUNDLED WITH
   1.12.4
